GEM
  remote: https://rubygems.org/
  specs:
    activemodel (6.1.0)
      activesupport (= 6.1.0)
    activerecord (6.1.0)
      activemodel (= 6.1.0)
      activesupport (= 6.1.0)
    activesupport (6.1.0)
      concurrent-ruby (~> 1.0, >= 1.0.2)
      i18n (>= 1.6, < 2)
      minitest (>= 5.1)
      tzinfo (~> 2.0)
      zeitwerk (~> 2.3)
    awesome_print (1.8.0)
    coderay (1.1.3)
    colorize (0.8.1)
    concurrent-ruby (1.1.7)
    curl (0.0.9)
      awesome_print (>= 0.2.1)
      unidecoder (>= 1.1.1)
    i18n (1.8.5)
      concurrent-ruby (~> 1.0)
    method_source (1.0.0)
    mime-types (1.25.1)
    minitest (5.14.2)
    pry (0.13.1)
      coderay (~> 1.1)
      method_source (~> 1.0)
    ramontayag-bitcoin-client (0.1.0)
      rest-client (~> 1.6.3)
    rest-client (1.6.14)
      mime-types (~> 1.16)
    tzinfo (2.0.4)
      concurrent-ruby (~> 1.0)
    unidecoder (1.1.2)
    zeitwerk (2.4.2)

PLATFORMS
  x86_64-linux

DEPENDENCIES
  activerecord
  colorize (~> 0.8.1)
  curl (~> 0.0.9)
  pry (~> 0.13.1)
  ramontayag-bitcoin-client (~> 0.1.0)

RUBY VERSION
   ruby 2.5.5p157

BUNDLED WITH
   2.2.3
