GEM
  remote: https://rubygems.org/
  specs:
    activemodel (6.1.0)
      activesupport (= 6.1.0)
    activerecord (6.1.0)
      activemodel (= 6.1.0)
      activesupport (= 6.1.0)
    activesupport (6.1.0)
      concurrent-ruby (~> 1.0, >= 1.0.2)
      i18n (>= 1.6, < 2)
      minitest (>= 5.1)
      tzinfo (~> 2.0)
      zeitwerk (~> 2.3)
    coderay (1.1.3)
    colorize (0.8.1)
    concurrent-ruby (1.1.7)
    i18n (1.8.5)
      concurrent-ruby (~> 1.0)
    json (2.2.0)
    method_source (1.0.0)
    minitest (5.14.2)
    pg (1.2.3)
    pry (0.13.1)
      coderay (~> 1.1)
      method_source (~> 1.0)
    rake (13.0.3)
    rpcjson (0.0.2)
      json (> 0.0)
      json
    standalone_migrations (1.0.13)
      activerecord (>= 3)
      rake
    tzinfo (2.0.4)
      concurrent-ruby (~> 1.0)
    zeitwerk (2.4.2)

PLATFORMS
  ruby
  x86_64-linux

DEPENDENCIES
  activerecord
  colorize (~> 0.8.1)
  pg (>= 0.18, < 2.0)
  pry (~> 0.13.1)
  rpcjson (~> 0.0.2)
  standalone_migrations

RUBY VERSION
   ruby 2.6.1p33

BUNDLED WITH
   2.2.3
